GIT
  remote: https://github.com/pitluga/supply_drop.git
  revision: f7423b34bb23ac85208653ec99d8bd818103f1a8
  specs:
    supply_drop (0.15.0)
      capistrano (>= 2.5.21)

GEM
  remote: https://rubygems.org/
  specs:
    capistrano (2.15.5)
      highline
      net-scp (>= 1.0.0)
      net-sftp (>= 2.0.0)
      net-ssh (>= 2.0.14)
      net-ssh-gateway (>= 1.1.0)
    facter (1.7.1)
    hiera (1.2.1)
      json_pure
    highline (1.6.19)
    json (1.8.0)
    json_pure (1.8.0)
    librarian-puppet (0.9.9)
      json
      thor (~> 0.15)
    net-scp (1.1.2)
      net-ssh (>= 2.6.5)
    net-sftp (2.1.2)
      net-ssh (>= 2.6.5)
    net-ssh (2.6.8)
    net-ssh-gateway (1.2.0)
      net-ssh (>= 2.6.5)
    puppet (3.2.2)
      facter (~> 1.6)
      hiera (~> 1.0)
      rgen (~> 0.6)
    rgen (0.6.5)
    thor (0.18.1)

PLATFORMS
  ruby

DEPENDENCIES
  librarian-puppet
  puppet
  supply_drop!
